GEM
  remote: https://rubygems.org/
  specs:
    tty-cursor (0.5.0)
    tty-spinner (0.5.0)
      tty-cursor (>= 0.5.0)

PLATFORMS
  ruby

DEPENDENCIES
  tty-cursor
  tty-spinner

BUNDLED WITH
   1.15.3
